GEM
  remote: http://rubygems.org/
  specs:
    chingu (0.8.1)
      crack
      gosu (>= 0.7.25)
      rest-client
    coderay (1.0.9)
    crack (0.4.1)
      safe_yaml (~> 0.9.0)
    gosu (0.7.48)
    method_source (0.8.2)
    mime-types (1.24)
    pry (0.9.12.2)
      coderay (~> 1.0.5)
      method_source (~> 0.8)
      slop (~> 3.4)
    rest-client (1.6.7)
      mime-types (>= 1.16)
    safe_yaml (0.9.5)
    slop (3.4.6)

PLATFORMS
  ruby

DEPENDENCIES
  chingu
  pry
